GIT
  remote: https://github.com/sorah/hocho
  revision: 2b4d883a1711d8c7997ed0af5c4aae7728d1c941
  specs:
    hocho (0.3.7)
      hashie
      itamae
      net-ssh (>= 4.1.0)
      thor

GEM
  remote: https://rubygems.org/
  specs:
    ansi (1.5.0)
    hashie (4.1.0)
    itamae (1.11.1)
      ansi
      hashie
      schash (~> 0.1.0)
      specinfra (>= 2.64.0, < 3.0.0)
      thor
    net-scp (3.0.0)
      net-ssh (>= 2.6.5, < 7.0.0)
    net-ssh (6.1.0)
    net-telnet (0.1.1)
    schash (0.1.2)
    sfl (2.3)
    specinfra (2.82.23)
      net-scp
      net-ssh (>= 2.7)
      net-telnet (= 0.1.1)
      sfl
    thor (1.1.0)

PLATFORMS
  arm64-darwin-20
  x86_64-darwin-19

DEPENDENCIES
  hocho!

BUNDLED WITH
   2.2.3
